GEM
  remote: https://rubygems.org/
  specs:
    packetfu (1.1.13)
      pcaprub
    pcaprub (0.13.1)

PLATFORMS
  arm64-darwin-21

DEPENDENCIES
  packetfu (~> 1.1, >= 1.1.13)

BUNDLED WITH
   2.2.22
