GEM
  remote: https://rubygems.org/
  specs:
    debug (1.6.3)
      irb (>= 1.3.6)
      reline (>= 0.3.1)
    io-console (0.5.11)
    irb (1.5.0)
      reline (>= 0.3.0)
    packetfu (1.1.13)
      pcaprub
    pcaprub (0.13.1)
    reline (0.3.1)
      io-console (~> 0.5)

PLATFORMS
  arm64-darwin-21

DEPENDENCIES
  debug
  packetfu (~> 1.1, >= 1.1.13)

BUNDLED WITH
   2.2.22
