GEM
  remote: https://rubygems.org/
  specs:
    bindata (2.4.10)
    bson (4.15.0)
    debug (1.5.0)
      irb (>= 1.3.6)
      reline (>= 0.2.7)
    io-console (0.5.11)
    irb (1.4.1)
      reline (>= 0.3.0)
    packetfu (1.1.13)
      pcaprub
    pcaprub (0.13.1)
    reline (0.3.1)
      io-console (~> 0.5)

PLATFORMS
  arm64-darwin-20
  arm64-darwin-21

DEPENDENCIES
  bindata
  bson (~> 4.15)
  debug
  packetfu

BUNDLED WITH
   2.2.22
